GEM
  remote: https://rubygems.org/
  specs:
    puma (3.12.6)
    rack (1.6.13)
    rack-parser (0.6.1)
      rack
    rack-protection (1.5.3)
      rack
    sinatra (1.4.5)
      rack (~> 1.4)
      rack-protection (~> 1.4)
      tilt (~> 1.3, >= 1.3.4)
    tilt (1.4.1)

PLATFORMS
  ruby

DEPENDENCIES
  puma
  rack-parser
  sinatra
